GEM
  remote: https://rubygems.org/
  specs:
    base64 (0.2.0)
    faraday (2.9.0)
      faraday-net_http (>= 2.0, < 3.2)
    faraday-net_http (3.1.0)
      net-http
    influxdb-client (3.1.0)
    net-http (0.4.1)
      uri
    rexml (3.2.6)
    rubyzip (2.3.2)
    selenium-webdriver (4.19.0)
      base64 (~> 0.2)
      rexml (~> 3.2, >= 3.2.5)
      rubyzip (>= 1.2.2, < 3.0)
      websocket (~> 1.0)
    uri (0.13.0)
    websocket (1.2.10)

PLATFORMS
  aarch64-linux-musl
  arm64-darwin-22
  arm64-darwin-23
  x86_64-darwin-22
  x86_64-linux-musl

DEPENDENCIES
  faraday
  influxdb-client
  selenium-webdriver

BUNDLED WITH
   2.3.7
